GEM
  remote: http://rubygems.org/
  specs:
    hologram (1.4.0)
      redcarpet (>= 2.2, < 4.0)
      rouge (>= 1.5)
    redcarpet (3.3.4)
    rouge (2.0.7)

PLATFORMS
  ruby
  x86-mingw32

DEPENDENCIES
  hologram

BUNDLED WITH
   1.14.6
